GEM
  remote: https://rubygems.org/
  specs:
    activemodel (5.2.0)
      activesupport (= 5.2.0)
    activerecord (5.2.0)
      activemodel (= 5.2.0)
      activesupport (= 5.2.0)
      arel (>= 9.0)
    activesupport (5.2.0)
      concurrent-ruby (~> 1.0, >= 1.0.2)
      i18n (>= 0.7, < 2)
      minitest (~> 5.1)
      tzinfo (~> 1.1)
    arel (9.0.0)
    chronic (0.10.2)
    concurrent-ruby (1.0.5)
    dotenv (2.5.0)
    facebook-messenger (1.1.1)
      httparty (~> 0.13, >= 0.13.7)
      rack (>= 1.4.5)
    httparty (0.15.7)
      multi_xml (>= 0.5.2)
    i18n (1.0.1)
      concurrent-ruby (~> 1.0)
    json (2.0.4)
    mini_portile2 (2.4.0)
    minitest (5.11.3)
    multi_xml (0.6.0)
    mustermann (1.0.2)
    mysql2 (0.5.2)
    nokogiri (1.10.4)
      mini_portile2 (~> 2.4.0)
    rack (2.0.5)
    rack-protection (2.0.3)
      rack
    rake (12.3.1)
    sinatra (2.0.3)
      mustermann (~> 1.0)
      rack (~> 2.0)
      rack-protection (= 2.0.3)
      tilt (~> 2.0)
    sinatra-activerecord (2.0.13)
      activerecord (>= 3.2)
      sinatra (>= 1.0)
    sinatra-flash (0.3.0)
      sinatra (>= 1.0.0)
    sinatra-redirect-with-flash (0.2.1)
      sinatra (>= 1.0.0)
    thread_safe (0.3.6)
    tilt (2.0.8)
    tzinfo (1.2.5)
      thread_safe (~> 0.1)
    whenever (0.10.0)
      chronic (>= 0.6.3)
    wikipedia_rest_client (0.1.3)
      httparty (~> 0.15.6)
      json (~> 2.0.2)
      nokogiri (>= 1.6.8)
    wit (6.0.0)

PLATFORMS
  ruby

DEPENDENCIES
  activerecord
  dotenv
  facebook-messenger
  httparty
  json
  mysql2
  rake
  sinatra
  sinatra-activerecord
  sinatra-flash
  sinatra-redirect-with-flash
  whenever
  wikipedia_rest_client
  wit

BUNDLED WITH
   1.16.3
